GEM
  remote: https://rubygems.org/
  remote: https://rails-assets.org/
  specs:
    actionmailer (4.2.6)
      actionpack (= 4.2.6)
      actionview (= 4.2.6)
      activejob (= 4.2.6)
      mail (~> 2.5, >= 2.5.4)
      rails-dom-testing (~> 1.0, >= 1.0.5)
    actionpack (4.2.6)
      actionview (= 4.2.6)
      activesupport (= 4.2.6)
      rack (~> 1.6)
      rack-test (~> 0.6.2)
      rails-dom-testing (~> 1.0, >= 1.0.5)
      rails-html-sanitizer (~> 1.0, >= 1.0.2)
    actionview (4.2.6)
      activesupport (= 4.2.6)
      builder (~> 3.1)
      erubis (~> 2.7.0)
      rails-dom-testing (~> 1.0, >= 1.0.5)
      rails-html-sanitizer (~> 1.0, >= 1.0.2)
    activejob (4.2.6)
      activesupport (= 4.2.6)
      globalid (>= 0.3.0)
    activemodel (4.2.6)
      activesupport (= 4.2.6)
      builder (~> 3.1)
    activerecord (4.2.6)
      activemodel (= 4.2.6)
      activesupport (= 4.2.6)
      arel (~> 6.0)
    activesupport (4.2.6)
      i18n (~> 0.7)
      json (~> 1.7, >= 1.7.7)
      minitest (~> 5.1)
      thread_safe (~> 0.3, >= 0.3.4)
      tzinfo (~> 1.1)
    addressable (2.4.0)
    archive-zip (0.8.0)
      io-like (~> 0.3.0)
    arel (6.0.3)
    ast (2.3.0)
    aws-sdk (2.4.4)
      aws-sdk-resources (= 2.4.4)
    aws-sdk-core (2.4.4)
      jmespath (~> 1.0)
    aws-sdk-resources (2.4.4)
      aws-sdk-core (= 2.4.4)
    binding_of_caller (0.7.2)
      debug_inspector (>= 0.0.1)
    bourbon (4.2.7)
      sass (~> 3.4)
      thor (~> 0.19)
    builder (3.2.2)
    byebug (9.0.5)
    capybara (2.7.1)
      addressable
      mime-types (>= 1.16)
      nokogiri (>= 1.3.3)
      rack (>= 1.0.0)
      rack-test (>= 0.5.4)
      xpath (~> 2.0)
    capybara-webkit (1.11.1)
      capybara (>= 2.3.0, < 2.8.0)
      json
    carrierwave (0.11.2)
      activemodel (>= 3.2.0)
      activesupport (>= 3.2.0)
      json (>= 1.7)
      mime-types (>= 1.16)
      mimemagic (>= 0.3.0)
    carrierwave-aws (1.0.1)
      aws-sdk (~> 2.0)
      carrierwave (~> 0.7)
    coderay (1.1.1)
    combine_pdf (0.2.30)
      ruby-rc4 (>= 0.1.5)
    concurrent-ruby (1.0.2)
    connection_pool (2.2.0)
    countries (1.2.5)
      currencies (~> 0.4.2)
      i18n_data (~> 0.7.0)
    coveralls (0.8.15)
      json (>= 1.8, < 3)
      simplecov (~> 0.12.0)
      term-ansicolor (~> 1.3)
      thor (~> 0.19.1)
      tins (>= 1.6.0, < 2)
    crack (0.4.3)
      safe_yaml (~> 1.0.0)
    currencies (0.4.2)
    database_cleaner (1.5.3)
    debug_inspector (0.0.2)
    diff-lcs (1.2.5)
    docile (1.1.5)
    domain_name (0.5.20160615)
      unf (>= 0.0.5, < 1.0.0)
    dotenv (2.1.1)
    dotenv-rails (2.1.1)
      dotenv (= 2.1.1)
      railties (>= 4.0, < 5.1)
    em-websocket (0.5.1)
      eventmachine (>= 0.12.9)
      http_parser.rb (~> 0.6.0)
    epub-maker (0.0.4)
      addressable (>= 2.3.5)
      archive-zip
      epub-parser (>= 0.2.6)
      mimemagic
      pathname-common_prefix
      rake
      ruby-uuid
    epub-parser (0.2.7)
      addressable (>= 2.3.5)
      archive-zip
      nokogiri (~> 1.6)
      rchardet (>= 1.6.1)
    equalizer (0.0.11)
    erubis (2.7.0)
    eventmachine (1.2.0.1)
    execjs (2.7.0)
    factory_girl (4.7.0)
      activesupport (>= 3.0.0)
    factory_girl_rails (4.7.0)
      factory_girl (~> 4.7.0)
      railties (>= 3.0.0)
    ffi (1.9.14)
    font-awesome-sass (4.6.2)
      sass (>= 3.2)
    formatador (0.2.5)
    globalid (0.3.7)
      activesupport (>= 4.1.0)
    guard (2.14.0)
      formatador (>= 0.2.4)
      listen (>= 2.7, < 4.0)
      lumberjack (~> 1.0)
      nenv (~> 0.1)
      notiffany (~> 0.0)
      pry (>= 0.9.12)
      shellany (~> 0.0)
      thor (>= 0.18.1)
    guard-compat (1.2.1)
    guard-livereload (2.5.2)
      em-websocket (~> 0.5)
      guard (~> 2.8)
      guard-compat (~> 1.0)
      multi_json (~> 1.8)
    hashdiff (0.3.0)
    http-cookie (1.0.2)
      domain_name (~> 0.5)
    http_parser.rb (0.6.0)
    i18n (0.7.0)
    i18n_data (0.7.0)
    io-like (0.3.0)
    jmespath (1.3.1)
    json (1.8.3)
    jwt (1.5.4)
    kaminari (0.17.0)
      actionpack (>= 3.0.0)
      activesupport (>= 3.0.0)
    kramdown (1.11.1)
    launchy (2.4.3)
      addressable (~> 2.3)
    listen (3.1.5)
      rb-fsevent (~> 0.9, >= 0.9.4)
      rb-inotify (~> 0.9, >= 0.9.7)
      ruby_dep (~> 1.2)
    loofah (2.0.3)
      nokogiri (>= 1.5.9)
    lumberjack (1.0.10)
    mail (2.6.4)
      mime-types (>= 1.16, < 4)
    method_source (0.8.2)
    mime-types (3.1)
      mime-types-data (~> 3.2015)
    mime-types-data (3.2016.0521)
    mimemagic (0.3.1)
    mini_portile2 (2.1.0)
    minitest (5.9.0)
    monetize (1.4.0)
      money (~> 6.7)
    money (6.7.1)
      i18n (>= 0.6.4, <= 0.7.0)
      sixarm_ruby_unaccent (>= 1.1.1, < 2)
    money-rails (1.6.2)
      activesupport (>= 3.0)
      monetize (~> 1.4.0)
      money (~> 6.7)
      railties (>= 3.0)
    multi_json (1.12.1)
    neat (1.8.0)
      sass (>= 3.3)
      thor (~> 0.19)
    nenv (0.3.0)
    netrc (0.11.0)
    nokogiri (1.6.8)
      mini_portile2 (~> 2.1.0)
      pkg-config (~> 1.1.7)
    notiffany (0.1.1)
      nenv (~> 0.1)
      shellany (~> 0.0)
    parser (2.3.1.2)
      ast (~> 2.2)
    pathname-common_prefix (0.0.1)
    pdf-core (0.6.1)
    pg (0.18.4)
    pkg-config (1.1.7)
    powerpack (0.1.1)
    prawn (2.1.0)
      pdf-core (~> 0.6.1)
      ttfunk (~> 1.4.0)
    prawn-table (0.2.2)
      prawn (>= 1.3.0, < 3.0.0)
    pry (0.10.4)
      coderay (~> 1.1.0)
      method_source (~> 0.8.1)
      slop (~> 3.4)
    pry-byebug (3.4.0)
      byebug (~> 9.0)
      pry (~> 0.10)
    pry-rails (0.3.4)
      pry (>= 0.9.10)
    puma (3.6.0)
    rack (1.6.4)
    rack-protection (1.5.3)
      rack
    rack-test (0.6.3)
      rack (>= 1.0)
    rails (4.2.6)
      actionmailer (= 4.2.6)
      actionpack (= 4.2.6)
      actionview (= 4.2.6)
      activejob (= 4.2.6)
      activemodel (= 4.2.6)
      activerecord (= 4.2.6)
      activesupport (= 4.2.6)
      bundler (>= 1.3.0, < 2.0)
      railties (= 4.2.6)
      sprockets-rails
    rails-assets-decouple (0.0.2)
    rails-assets-emitter-es6 (0.0.7)
    rails-assets-fontawesome (4.6.3)
    rails-assets-highlightjs (9.5.0)
    rails-assets-jquery (3.1.0)
    rails-assets-jquery-ujs (1.2.1)
      rails-assets-jquery (> 1.8)
    rails-assets-normalize.css (4.2.0)
    rails-assets-slideout.js (0.1.12)
      rails-assets-decouple (= 0.0.2)
      rails-assets-emitter-es6 (= 0.0.7)
    rails-assets-social-share-kit (1.0.9)
    rails-deprecated_sanitizer (1.0.3)
      activesupport (>= 4.2.0.alpha)
    rails-dom-testing (1.0.7)
      activesupport (>= 4.2.0.beta, < 5.0)
      nokogiri (~> 1.6.0)
      rails-deprecated_sanitizer (>= 1.0.1)
    rails-html-sanitizer (1.0.3)
      loofah (~> 2.0)
    rails_12factor (0.0.3)
      rails_serve_static_assets
      rails_stdout_logging
    rails_serve_static_assets (0.0.5)
    rails_stdout_logging (0.0.5)
    railties (4.2.6)
      actionpack (= 4.2.6)
      activesupport (= 4.2.6)
      rake (>= 0.8.7)
      thor (>= 0.18.1, < 2.0)
    rainbow (2.1.0)
    rake (11.2.2)
    rb-fsevent (0.9.7)
    rb-inotify (0.9.7)
      ffi (>= 0.5.0)
    rchardet (1.6.1)
    redis (3.3.1)
    rest-client (2.0.0)
      http-cookie (>= 1.0.2, < 2.0)
      mime-types (>= 1.16, < 4.0)
      netrc (~> 0.8)
    rollbar (2.12.0)
      multi_json
    rspec-core (3.5.2)
      rspec-support (~> 3.5.0)
    rspec-expectations (3.5.0)
      diff-lcs (>= 1.2.0, < 2.0)
      rspec-support (~> 3.5.0)
    rspec-mocks (3.5.0)
      diff-lcs (>= 1.2.0, < 2.0)
      rspec-support (~> 3.5.0)
    rspec-rails (3.5.1)
      actionpack (>= 3.0)
      activesupport (>= 3.0)
      railties (>= 3.0)
      rspec-core (~> 3.5.0)
      rspec-expectations (~> 3.5.0)
      rspec-mocks (~> 3.5.0)
      rspec-support (~> 3.5.0)
    rspec-support (3.5.0)
    rubocop (0.42.0)
      parser (>= 2.3.1.1, < 3.0)
      powerpack (~> 0.1)
      rainbow (>= 1.99.1, < 3.0)
      ruby-progressbar (~> 1.7)
      unicode-display_width (~> 1.0, >= 1.0.1)
    ruby-progressbar (1.8.1)
    ruby-rc4 (0.1.5)
    ruby-uuid (0.0.1)
    ruby_dep (1.3.1)
    safe_yaml (1.0.4)
    sass (3.4.22)
    sass-rails (5.0.6)
      railties (>= 4.0.0, < 6)
      sass (~> 3.1)
      sprockets (>= 2.8, < 4.0)
      sprockets-rails (>= 2.0, < 4.0)
      tilt (>= 1.1, < 3)
    shellany (0.0.1)
    show_me_the_cookies (3.1.0)
      capybara (~> 2.0)
    sidekiq (4.1.4)
      concurrent-ruby (~> 1.0)
      connection_pool (~> 2.2, >= 2.2.0)
      redis (~> 3.2, >= 3.2.1)
      sinatra (>= 1.4.7)
    simplecov (0.12.0)
      docile (~> 1.1.0)
      json (>= 1.8, < 3)
      simplecov-html (~> 0.10.0)
    simplecov-html (0.10.0)
    sinatra (1.4.7)
      rack (~> 1.5)
      rack-protection (~> 1.4)
      tilt (>= 1.3, < 3)
    sixarm_ruby_unaccent (1.1.1)
    slop (3.6.0)
    spring (1.7.2)
    sprockets (3.7.0)
      concurrent-ruby (~> 1.0)
      rack (> 1, < 3)
    sprockets-rails (3.1.1)
      actionpack (>= 4.0)
      activesupport (>= 4.0)
      sprockets (>= 3.0.0)
    stripe (1.49.0)
      rest-client (>= 1.4, < 3.0)
    term-ansicolor (1.3.2)
      tins (~> 1.0)
    thor (0.19.1)
    thread_safe (0.3.5)
    tilt (2.0.5)
    tins (1.11.0)
    ttfunk (1.4.0)
    tzinfo (1.2.2)
      thread_safe (~> 0.1)
    uglifier (3.0.1)
      execjs (>= 0.3.0, < 3)
    unf (0.1.4)
      unf_ext
    unf_ext (0.0.7.2)
    unicode-display_width (1.1.0)
    vcr (3.0.3)
    web-console (2.3.0)
      activemodel (>= 4.0)
      binding_of_caller (>= 0.7.2)
      railties (>= 4.0)
      sprockets-rails (>= 2.0, < 4.0)
    webmock (2.1.0)
      addressable (>= 2.3.6)
      crack (>= 0.3.2)
      hashdiff
    xpath (2.0.0)
      nokogiri (~> 1.3)

PLATFORMS
  ruby

DEPENDENCIES
  bourbon
  byebug
  capybara
  capybara-webkit
  carrierwave-aws
  combine_pdf
  countries
  coveralls
  database_cleaner
  dotenv-rails
  epub-maker
  equalizer
  factory_girl_rails
  font-awesome-sass
  guard-livereload
  jwt
  kaminari
  kramdown
  launchy
  money-rails
  neat
  pg
  prawn
  prawn-table
  pry-byebug
  pry-rails
  puma
  rails (= 4.2.6)
  rails-assets-fontawesome!
  rails-assets-highlightjs!
  rails-assets-jquery!
  rails-assets-jquery-ujs!
  rails-assets-normalize.css!
  rails-assets-slideout.js!
  rails-assets-social-share-kit!
  rails_12factor
  rollbar
  rspec-rails
  rubocop
  sass-rails (~> 5.0)
  show_me_the_cookies
  sidekiq
  simplecov
  sinatra
  spring
  stripe
  uglifier (>= 1.3.0)
  vcr
  web-console (~> 2.0)
  webmock

BUNDLED WITH
   1.11.2
